GEM
  remote: https://rubygems.org/
  specs:
    byebug (11.1.1)
    minitest (5.11.3)
    minitest-hooks (1.5.0)
      minitest (> 5.3)
    mysql2 (0.5.2)
    rake (12.3.2)

PLATFORMS
  ruby

DEPENDENCIES
  byebug
  minitest
  minitest-hooks
  mysql2
  rake

BUNDLED WITH
   1.16.5
