GEM
  remote: https://rubygems.org/
  specs:
    byebug (11.1.3)
    coderay (1.1.2)
    method_source (1.0.0)
    minitest (5.11.3)
    minitest-hooks (1.5.0)
      minitest (> 5.3)
    mysql2 (0.5.2)
    pry (0.13.1)
      coderay (~> 1.1)
      method_source (~> 1.0)
    pry-byebug (3.9.0)
      byebug (~> 11.0)
      pry (~> 0.13.0)
    rake (12.3.2)

PLATFORMS
  ruby

DEPENDENCIES
  minitest
  minitest-hooks
  mysql2
  pry-byebug
  rake

BUNDLED WITH
   1.17.3
