GEM
  remote: https://rubygems.org/
  specs:
    byebug (11.1.1)
    coderay (1.1.2)
    method_source (1.0.0)
    minitest (5.14.0)
    minitest-hooks (1.5.0)
      minitest (> 5.3)
    mysql2 (0.5.3)
    pry (0.13.0)
      coderay (~> 1.1)
      method_source (~> 1.0)
    pry-byebug (3.9.0)
      byebug (~> 11.0)
      pry (~> 0.13.0)
    rake (13.0.1)

PLATFORMS
  ruby

DEPENDENCIES
  minitest
  minitest-hooks
  mysql2
  pry-byebug
  rake

BUNDLED WITH
   1.17.3
